PATH
  remote: .
  specs:
    punchcard (0.3.0)
      activerecord (~> 3.0.0)
      gravtastic
      haml (>= 3.0.24)
      sass (>= 3.0.0)
      sinatra (>= 1.0.0)

GEM
  remote: http://rubygems.org/
  specs:
    activemodel (3.0.3)
      activesupport (= 3.0.3)
      builder (~> 2.1.2)
      i18n (~> 0.4)
    activerecord (3.0.3)
      activemodel (= 3.0.3)
      activesupport (= 3.0.3)
      arel (~> 2.0.2)
      tzinfo (~> 0.3.23)
    activesupport (3.0.3)
    arel (2.0.7)
    builder (2.1.2)
    gravtastic (3.1.0)
    haml (3.0.25)
    i18n (0.5.0)
    rack (1.2.1)
    rack-test (0.5.7)
      rack (>= 1.0)
    sass (3.1.0.alpha.221)
    shoulda (2.10.3)
    sinatra (1.1.2)
      rack (~> 1.1)
      tilt (~> 1.2)
    sqlite3 (1.3.3)
    tilt (1.2.2)
    timecop (0.3.5)
    tzinfo (0.3.24)

PLATFORMS
  ruby

DEPENDENCIES
  activerecord (~> 3.0.0)
  gravtastic
  haml (>= 3.0.24)
  punchcard!
  rack-test (>= 0.5.6)
  sass (>= 3.0.0)
  shoulda (= 2.10.3)
  sinatra (>= 1.0.0)
  sqlite3
  timecop
