PATH
  remote: .
  specs:
    punchcard (0.1.4)
      activerecord (~> 3.0.0)
      bson_ext
      gravtastic
      haml (>= 3.0.24)
      sass (>= 3.0.0)
      sinatra (>= 1.0.0)

GEM
  remote: http://rubygems.org/
  specs:
    activemodel (3.0.3)
      activesupport (= 3.0.3)
      builder (~> 2.1.2)
      i18n (~> 0.4)
    activerecord (3.0.3)
      activemodel (= 3.0.3)
      activesupport (= 3.0.3)
      arel (~> 2.0.2)
      tzinfo (~> 0.3.23)
    activesupport (3.0.3)
    arel (2.0.6)
    bson_ext (1.1.4)
    builder (2.1.2)
    ffi (1.0.1)
      rake (>= 0.8.7)
    gravtastic (3.1.0)
    haml (3.0.24)
    i18n (0.5.0)
    rack (1.2.1)
    rack-test (0.5.6)
      rack (>= 1.0)
    rake (0.8.7)
    sass (3.1.0.alpha.200)
    shoulda (2.10.3)
    sinatra (1.1.0)
      rack (~> 1.1)
      tilt (~> 1.1)
    sqlite3 (0.1.1)
      ffi (>= 0.6.3)
    tilt (1.1)
    tzinfo (0.3.23)

PLATFORMS
  ruby

DEPENDENCIES
  activerecord (~> 3.0.0)
  bson_ext
  gravtastic
  haml (>= 3.0.24)
  punchcard!
  rack-test (>= 0.5.6)
  sass (>= 3.0.0)
  shoulda (= 2.10.3)
  sinatra (>= 1.0.0)
  sqlite3
