PATH
  remote: .
  specs:
    punchcard (0.3.0)
      activerecord (~> 3.0.0)
      bson_ext
      gravtastic
      haml (>= 3.0.24)
      sass (>= 3.0.0)
      sinatra (>= 1.0.0)

GEM
  remote: http://rubygems.org/
  specs:
    activemodel (3.0.3)
      activesupport (= 3.0.3)
      builder (~> 2.1.2)
      i18n (~> 0.4)
    activerecord (3.0.3)
      activemodel (= 3.0.3)
      activesupport (= 3.0.3)
      arel (~> 2.0.2)
      tzinfo (~> 0.3.23)
    activesupport (3.0.3)
    arel (2.0.7)
    bson_ext (1.2.0)
    builder (2.1.2)
    git (1.2.5)
    gravtastic (3.1.0)
    haml (3.0.25)
    i18n (0.5.0)
    jeweler (1.5.2)
      bundler (~> 1.0.0)
      git (>= 1.2.5)
      rake
    rack (1.2.1)
    rack-test (0.5.7)
      rack (>= 1.0)
    rake (0.8.7)
    sass (3.1.0.alpha.221)
    shoulda (2.10.3)
    sinatra (1.1.2)
      rack (~> 1.1)
      tilt (~> 1.2)
    sqlite3 (1.3.3)
    tilt (1.2.2)
    timecop (0.3.5)
    tzinfo (0.3.24)

PLATFORMS
  ruby

DEPENDENCIES
  activerecord (~> 3.0.0)
  bson_ext
  gravtastic
  haml (>= 3.0.24)
  jeweler
  punchcard!
  rack-test (>= 0.5.6)
  sass (>= 3.0.0)
  shoulda (= 2.10.3)
  sinatra (>= 1.0.0)
  sqlite3
  timecop
