PATH
  remote: .
  specs:
    punchcard (0.0.0)
      sinatra (>= 1.0.0)

GEM
  remote: http://rubygems.org/
  specs:
    rack (1.2.1)
    rack-test (0.5.6)
      rack (>= 1.0)
    shoulda (2.10.3)
    sinatra (1.1.0)
      rack (~> 1.1)
      tilt (~> 1.1)
    tilt (1.1)

PLATFORMS
  ruby

DEPENDENCIES
  punchcard!
  rack-test
  shoulda (= 2.10.3)
  sinatra (>= 1.0.0)
