PATH
  remote: .
  specs:
    punchcard (0.0.0)
      bson_ext
      gravtastic
      haml (>= 3.0.24)
      mongoid
      sass (>= 3.0.0)
      sinatra (>= 1.0.0)
      sinatra-mongoid

GEM
  remote: http://rubygems.org/
  specs:
    activesupport (2.3.10)
    bson (1.0.9)
    bson_ext (1.1.4)
    durran-validatable (2.0.1)
    gravtastic (3.1.0)
    haml (3.0.24)
    mongo (1.0.9)
      bson (>= 1.0.5)
    mongo_ext (0.19.3)
    mongoid (1.9.2)
      activesupport (< 3.0.0)
      bson (~> 1.0.1)
      durran-validatable (>= 2.0.1)
      mongo (~> 1.0.1)
      will_paginate (< 2.9)
    rack (1.2.1)
    rack-test (0.5.6)
      rack (>= 1.0)
    sass (3.1.0.alpha.200)
    shoulda (2.10.3)
    sinatra (1.1.0)
      rack (~> 1.1)
      tilt (~> 1.1)
    sinatra-mongoid (0.0.2)
      mongo_ext
      mongoid
      sinatra
    tilt (1.1)
    will_paginate (2.3.15)

PLATFORMS
  ruby

DEPENDENCIES
  bson_ext
  gravtastic
  haml (>= 3.0.24)
  mongoid
  punchcard!
  rack-test (>= 0.5.6)
  sass (>= 3.0.0)
  shoulda (= 2.10.3)
  sinatra (>= 1.0.0)
  sinatra-mongoid
